GEM
  remote: https://rubygems.org/
  specs:
    minitest (5.15.0)
    ruby2d (0.11.1)

PLATFORMS
  x86_64-linux

DEPENDENCIES
  minitest (~> 5)
  ruby2d (~> 0.11.1)

BUNDLED WITH
   2.3.8
